GIT
  remote: http://github.com/andre/geokit-gem.git
  revision: a4e0c3d2781c479d2882ebbb50973e86c2316ea7
  specs:
    geokit (1.6.0)
      json_pure

GIT
  remote: http://github.com/markjeee/curb.git
  revision: 01bfdd566315cc5df51b1bbe7f1401994c81b0e7
  specs:
    curb (0.7.8)

GIT
  remote: http://github.com/markjeee/eventmachine.git
  revision: 06ce3a8b8f82251a9048f26213900856a5fd9d6d
  branch: v0.12.10-fixes
  specs:
    eventmachine (0.12.10)

GIT
  remote: http://github.com/palmade/candy_wrapper.git
  revision: 1b83735a8b8cea91b4c6c9b21b57fd8b08025858
  branch: development
  specs:
    candy_wrapper (0.1)

GIT
  remote: http://github.com/palmade/couch_potato.git
  revision: 878faf817a717ac9990177cc182cada15cd0b55d
  branch: development
  specs:
    couch_potato (0.1)

GIT
  remote: http://github.com/palmade/db_essentials.git
  revision: eca612a23d441594e7852a37051f41f15764123f
  branch: development
  specs:
    db_essentials (0.1)

GIT
  remote: http://github.com/palmade/http_service.git
  revision: c0d0341b7e62bce30bfc3505c1c1aa4597b074af
  branch: development
  specs:
    http_service (0.1)

GIT
  remote: http://github.com/palmade/puppet_master.git
  revision: 16fd7a1cc89ba7e380b1209cf9f3af1cfeeade0e
  branch: development
  specs:
    puppet_master (0.2.1)

GIT
  remote: https://github.com/archiloque/rest-client.git
  revision: a2476327af1130c05c9b247846e86dd9e478b45c
  specs:
    rest-client (1.6.3)
      mime-types (>= 1.16)

GIT
  remote: https://github.com/intridea/omniauth.git
  revision: 007a26f6238046fb203271d06b562cfd6d9258d9
  specs:
    oa-basic (0.2.6)
      oa-core (= 0.2.6)
      rest-client (~> 1.6.0)
    oa-core (0.2.6)
    oa-enterprise (0.2.6)
      addressable (= 2.2.4)
      net-ldap (~> 0.2.2)
      nokogiri (~> 1.4.2)
      oa-core (= 0.2.6)
      pyu-ruby-sasl (~> 0.0.3.1)
      rubyntlm (~> 0.1.1)
    oa-more (0.2.6)
      multi_json (~> 1.0.0)
      oa-core (= 0.2.6)
      rest-client (~> 1.6.0)
    oa-oauth (0.2.6)
      faraday (~> 0.6.1)
      multi_json (~> 1.0.0)
      multi_xml (~> 0.2.2)
      oa-core (= 0.2.6)
      oauth (~> 0.4.0)
      oauth2 (~> 0.4.1)
    oa-openid (0.2.6)
      oa-core (= 0.2.6)
      rack-openid (~> 1.3.1)
      ruby-openid-apps-discovery (~> 1.2.0)
    omniauth (0.2.6)
      oa-basic (= 0.2.6)
      oa-core (= 0.2.6)
      oa-enterprise (= 0.2.6)
      oa-more (= 0.2.6)
      oa-oauth (= 0.2.6)
      oa-openid (= 0.2.6)

GEM
  remote: http://rubygems.org/
  remote: http://gems.github.com/
  specs:
    POpen4 (0.1.4)
      Platform (>= 0.4.0)
      open4
    Platform (0.4.0)
    actionmailer (2.3.10)
      actionpack (= 2.3.10)
    actionpack (2.3.10)
      activesupport (= 2.3.10)
      rack (~> 1.1.0)
    activemerchant (1.15.0)
      activesupport (>= 2.3.8)
      braintree (>= 2.0.0)
      builder (>= 2.0.0)
    activerecord (2.3.10)
      activesupport (= 2.3.10)
    activeresource (2.3.10)
      activesupport (= 2.3.10)
    activesupport (2.3.10)
    addressable (2.2.4)
    allison (2.0.3)
    braintree (2.10.2)
      builder (>= 2.0.0)
    builder (3.0.0)
    carmen (0.2.8)
    daemons (1.1.4)
    echoe (4.6.1)
      allison (>= 2.0.3)
      gemcutter (>= 0.7.0)
      rake (>= 0.9.2)
      rdoc (>= 3.6.1)
      rubyforge (>= 2.0.4)
    faraday (0.6.1)
      addressable (~> 2.2.4)
      multipart-post (~> 1.1.0)
      rack (< 2, >= 1.1.0)
    gemcutter (0.7.0)
    haml (3.1.2)
    hashie (1.0.0)
    highline (1.6.2)
    hoe (2.9.6)
      rake (~> 0.8)
    jammit (0.6.3)
      yui-compressor (>= 0.9.3)
    json (1.5.3)
    json_pure (1.5.3)
    libxml-ruby (2.0.9)
    mime-types (1.16)
    multi_json (1.0.3)
    multi_xml (0.2.2)
    multipart-post (1.1.2)
    mysql (2.8.1)
    mysql2 (0.2.11)
    net-ldap (0.2.2)
    net-ssh (2.1.4)
    nokogiri (1.4.6)
    oauth (0.4.5)
    oauth2 (0.4.1)
      faraday (~> 0.6.1)
      multi_json (>= 0.0.5)
    open4 (1.0.1)
    paperclip (2.3.11)
      activerecord (>= 2.3.0)
      activesupport (>= 2.3.2)
    pyu-ruby-sasl (0.0.3.3)
    rack (1.1.0)
    rack-openid (1.3.1)
      rack (>= 1.1.0)
      ruby-openid (>= 2.1.8)
    rails (2.3.10)
      actionmailer (= 2.3.10)
      actionpack (= 2.3.10)
      activerecord (= 2.3.10)
      activeresource (= 2.3.10)
      activesupport (= 2.3.10)
      rake (>= 0.8.3)
    rake (0.9.2)
    rdoc (3.6.1)
    redis (2.0.13)
    redis-namespace (1.0.3)
      redis (< 3.0.0)
    resque (1.17.1)
      json (< 1.6, >= 1.4.6)
      redis-namespace (~> 1.0.2)
      sinatra (>= 0.9.2)
      vegas (~> 0.1.2)
    resque-restriction (0.3.0)
      resque (>= 1.7.0)
    resque-scheduler (1.9.9)
      redis (>= 2.0.1)
      resque (>= 1.8.0)
      rufus-scheduler
    rmagick (2.13.1)
    ruby-openid (2.1.8)
    ruby-openid-apps-discovery (1.2.0)
      ruby-openid (>= 2.1.7)
    rubyforge (2.0.4)
      json_pure (>= 1.1.7)
    rubyntlm (0.1.1)
    rufus-scheduler (2.0.10)
      tzinfo (>= 0.3.23)
    sinatra (1.2.6)
      rack (~> 1.1)
      tilt (< 2.0, >= 1.2.2)
    test-unit (1.2.3)
      hoe (>= 1.5.1)
    thin (1.2.11)
      daemons (>= 1.0.9)
      eventmachine (>= 0.12.6)
      rack (>= 1.0.0)
    tilt (1.3.2)
    tiny_mce (0.1.4)
    tropo-webapi-ruby (0.1.11)
      hashie (>= 0.2.0)
      json_pure (>= 1.2.0)
    tzinfo (0.3.29)
    vegas (0.1.8)
      rack (>= 1.0.0)
    will_paginate (3.0.pre2)
    yajl-ruby (0.8.2)
    yui-compressor (0.9.6)
      POpen4 (>= 0.1.4)

PLATFORMS
  ruby

DEPENDENCIES
  activemerchant (>= 1.4.1)
  addressable
  candy_wrapper!
  carmen
  couch_potato!
  curb!
  db_essentials!
  echoe
  eventmachine!
  geokit!
  haml
  highline
  http_service!
  jammit
  json
  libxml-ruby (>= 1.1.4)
  mysql
  mysql2 (< 0.3)
  net-ssh
  omniauth!
  paperclip
  puppet_master!
  rack (= 1.1.0)
  rails (= 2.3.10)
  redis (~> 2.0.10)
  resque
  resque-restriction
  resque-scheduler
  rest-client!
  rmagick
  ruby-openid-apps-discovery (~> 1.2.0)
  test-unit (= 1.2.3)
  thin
  tiny_mce
  tropo-webapi-ruby
  will_paginate
  yajl-ruby
